GIT
  remote: https://github.com/moneyadviceservice/dough.git
  revision: cf4e4cbd5ee86ef49b2db16fc44dde1ed9f2c0f4
  specs:
    dough-ruby (5.7.0)
      activesupport
      rails (>= 3.2)
      sass-rails (~> 4.0.0)

GIT
  remote: https://github.com/moneyadviceservice/word-to-markdown.git
  revision: 6906e9caa3df2e53a3f88a06cc3f9067d554648d
  specs:
    word-to-markdown (1.0.1)
      descriptive_statistics (~> 1.1)
      nokogiri-styles (~> 0.1)
      premailer (~> 1.8)
      reverse_markdown (~> 0.5)

GEM
  remote: https://rubygems.org/
  remote: https://rails-assets.org/
  remote: https://gem.fury.io/h_app288206558/
  specs:
    actionmailer (4.2.11.1)
      actionpack (= 4.2.11.1)
      actionview (= 4.2.11.1)
      activejob (= 4.2.11.1)
      mail (~> 2.5, >= 2.5.4)
      rails-dom-testing (~> 1.0, >= 1.0.5)
    actionpack (4.2.11.1)
      actionview (= 4.2.11.1)
      activesupport (= 4.2.11.1)
      rack (~> 1.6)
      rack-test (~> 0.6.2)
      rails-dom-testing (~> 1.0, >= 1.0.5)
      rails-html-sanitizer (~> 1.0, >= 1.0.2)
    actionview (4.2.11.1)
      activesupport (= 4.2.11.1)
      builder (~> 3.1)
      erubis (~> 2.7.0)
      rails-dom-testing (~> 1.0, >= 1.0.5)
      rails-html-sanitizer (~> 1.0, >= 1.0.3)
    active_link_to (1.0.5)
      actionpack
      addressable
    active_model_serializers (0.9.7)
      activemodel (>= 3.2)
      concurrent-ruby (~> 1.0)
    activejob (4.2.11.1)
      activesupport (= 4.2.11.1)
      globalid (>= 0.3.0)
    activemodel (4.2.11.1)
      activesupport (= 4.2.11.1)
      builder (~> 3.1)
    activerecord (4.2.11.1)
      activemodel (= 4.2.11.1)
      activesupport (= 4.2.11.1)
      arel (~> 6.0)
    activesupport (4.2.11.1)
      i18n (~> 0.7)
      minitest (~> 5.1)
      thread_safe (~> 0.3, >= 0.3.4)
      tzinfo (~> 1.1)
    addressable (2.5.2)
      public_suffix (>= 2.0.2, < 4.0)
    algoliasearch (1.19.1)
      httpclient (~> 2.8.3)
      json (>= 1.5.1)
    apipie-rails (0.5.6)
      rails (>= 4.1)
    arel (6.0.4)
    aruba (0.14.14)
      childprocess (>= 0.6.3, < 4.0.0)
      contracts (~> 0.9)
      cucumber (>= 1.3.19)
      ffi (~> 1.9)
      rspec-expectations (>= 2.99)
      thor (>= 0.19, < 2.0)
    ast (2.4.2)
    autoparse (0.3.3)
      addressable (>= 2.3.1)
      extlib (>= 0.9.15)
      multi_json (>= 1.0.0)
    autoprefixer-rails (5.0.0.3)
      execjs
      json
    azure (0.7.10)
      addressable (~> 2.3)
      azure-core (~> 0.1)
      faraday (~> 0.9)
      faraday_middleware (~> 0.10)
      mime-types (>= 1, < 4.0)
      nokogiri (~> 1.6)
      systemu (~> 2.6)
      thor (~> 0.19)
    azure-core (0.1.15)
      faraday (~> 0.9)
      faraday_middleware (~> 0.10)
      nokogiri (~> 1.6)
    bcrypt (3.1.12)
    better_errors (2.1.1)
      coderay (>= 1.0.0)
      erubis (>= 2.6.6)
      rack (>= 0.9.0)
    bigdecimal (1.3.5)
    binding_of_caller (0.7.2)
      debug_inspector (>= 0.0.1)
    bootstrap-sass (3.3.1.0)
      sass (~> 3.2)
    bootstrap_form (2.1.1)
    bowndler (1.0.2)
      thor
    brakeman (4.4.0)
    bugsnag (6.25.1)
      concurrent-ruby (~> 1.0)
    builder (3.2.4)
    capybara (2.18.0)
      addressable
      mini_mime (>= 0.1.3)
      nokogiri (>= 1.3.3)
      rack (>= 1.0.0)
      rack-test (>= 0.5.4)
      xpath (>= 2.0, < 4.0)
    childprocess (3.0.0)
    chronic (0.10.2)
    claide (1.0.2)
    claide-plugins (0.9.2)
      cork
      nap
      open4 (~> 1.3)
    climate_control (0.2.0)
    clockwork (1.1.0)
      activesupport
      tzinfo
    cocaine (0.5.8)
      climate_control (>= 0.0.3, < 1.0)
    codemirror-rails (5.16.0)
      railties (>= 3.0, < 6.0)
    coderay (1.1.0)
    coffee-rails (4.0.1)
      coffee-script (>= 2.2.0)
      railties (>= 4.0.0, < 5.0)
    coffee-script (2.4.1)
      coffee-script-source
      execjs
    coffee-script-source (1.10.0)
    colored2 (3.1.2)
    comfortable_mexican_sofa (2.2.0)
      active_link_to (>= 1.0.0)
      bootstrap-sass (>= 3.2.0)
      bootstrap_form (~> 2.1.1)
      codemirror-rails (>= 3.0.0)
      coffee-rails (>= 3.1.0)
      haml-rails (>= 0.3.0)
      i18n (~> 0.7)
      jquery-rails (>= 3.0.0)
      jquery-ui-rails (>= 5.0.0)
      kaminari (>= 0.14.0)
      kramdown (>= 1.13)
      paperclip (>= 3.4.0, < 5)
      rails (>= 4.0.0, <= 5)
      rails-i18n (>= 4.0.0)
      responders (>= 2.0)
      sass-rails (>= 4.0.3)
      tinymce-rails (>= 4.0.0)
      transitions (>= 0.1.12)
    concurrent-ruby (1.1.10)
    contracts (0.16.1)
    cork (0.3.0)
      colored2 (~> 3.1)
    crack (0.4.5)
      rexml
    crass (1.0.6)
    css_parser (1.3.5)
      addressable
    cucumber (2.99.0)
      builder (>= 2.1.2)
      cucumber-core (~> 1.5.0)
      cucumber-wire (~> 0.0.1)
      diff-lcs (>= 1.1.3)
      gherkin (~> 4.0)
      multi_json (>= 1.7.5, < 2.0)
      multi_test (>= 0.1.2)
    cucumber-core (1.5.0)
      gherkin (~> 4.0)
    cucumber-rails (1.4.3)
      capybara (>= 1.1.2, < 3)
      cucumber (>= 1.3.8, < 3)
      mime-types (>= 1.16, < 4)
      nokogiri (~> 1.5)
      railties (>= 3, < 5)
    cucumber-wire (0.0.1)
    danger (5.14.0)
      claide (~> 1.0)
      claide-plugins (>= 0.9.2)
      colored2 (~> 3.1)
      cork (~> 0.1)
      faraday (~> 0.9)
      faraday-http-cache (~> 1.0)
      git (~> 1.5)
      kramdown (~> 1.5)
      no_proxy_fix
      octokit (~> 4.7)
      terminal-table (~> 1)
    danger-rubocop (0.6.1)
      danger
      rubocop
    database_cleaner (1.5.0)
    date (3.3.3)
    debug_inspector (0.0.2)
    descriptive_statistics (1.1.5)
    devise (4.6.1)
      bcrypt (~> 3.0)
      orm_adapter (~> 0.1)
      railties (>= 4.1.0, < 6.0)
      responders
      warden (~> 1.2.3)
    diff-lcs (1.5.0)
    domain_name (0.5.20160128)
      unf (>= 0.0.5, < 1.0.0)
    dotenv (1.0.2)
    dotenv-rails (1.0.2)
      dotenv (= 1.0.2)
    erubis (2.7.0)
    execjs (2.6.0)
    extlib (0.9.16)
    factory_girl (4.5.0)
      activesupport (>= 3.0.0)
    factory_girl_rails (4.5.0)
      factory_girl (~> 4.5.0)
      railties (>= 3.0.0)
    faker (1.7.2)
      i18n (~> 0.5)
    faraday (0.9.2)
      multipart-post (>= 1.2, < 3)
    faraday-http-cache (1.3.1)
      faraday (~> 0.8)
    faraday_middleware (0.13.1)
      faraday (>= 0.7.4, < 1.0)
    feature (1.3.0)
    ffi (1.15.5)
    gherkin (4.1.3)
    git (1.5.0)
    globalid (0.4.2)
      activesupport (>= 4.2.0)
    google-api-client (0.7.1)
      addressable (>= 2.3.2)
      autoparse (>= 0.3.3)
      extlib (>= 0.9.15)
      faraday (>= 0.9.0)
      jwt (>= 0.1.5)
      launchy (>= 2.1.1)
      multi_json (>= 1.0.0)
      retriable (>= 1.4)
      signet (>= 0.5.0)
      uuidtools (>= 2.1.0)
    haml (5.0.4)
      temple (>= 0.8.0)
      tilt
    haml-rails (1.0.0)
      actionpack (>= 4.0.1)
      activesupport (>= 4.0.1)
      haml (>= 4.0.6, < 6.0)
      html2haml (>= 1.0.1)
      railties (>= 4.0.1)
    hashdiff (1.0.1)
    hashie (3.4.3)
    hike (1.2.3)
    html2haml (2.2.0)
      erubis (~> 2.7.0)
      haml (>= 4.0, < 6)
      nokogiri (>= 1.6.0)
      ruby_parser (~> 3.5)
    htmlentities (4.3.4)
    http-cookie (1.0.2)
      domain_name (~> 0.5)
    httparty (0.21.0)
      mini_mime (>= 1.0.0)
      multi_xml (>= 0.5.2)
    httpclient (2.8.3)
    i18n (0.9.5)
      concurrent-ruby (~> 1.0)
    jaro_winkler (1.5.4)
    jbuilder (2.2.2)
      activesupport (>= 3.0.0, < 5)
      multi_json (~> 1.2)
    jquery-rails (3.1.4)
      railties (>= 3.0, < 5.0)
      thor (>= 0.14, < 2.0)
    jquery-ui-rails (5.0.5)
      railties (>= 3.2.16)
    json (2.6.3)
    jwt (1.2.0)
    kaminari (1.1.1)
      activesupport (>= 4.1.0)
      kaminari-actionview (= 1.1.1)
      kaminari-activerecord (= 1.1.1)
      kaminari-core (= 1.1.1)
    kaminari-actionview (1.1.1)
      actionview
      kaminari-core (= 1.1.1)
    kaminari-activerecord (1.1.1)
      activerecord
      kaminari-core (= 1.1.1)
    kaminari-core (1.1.1)
    kramdown (1.13)
    launchy (2.4.2)
      addressable (~> 2.3)
    legato (0.4.0)
      multi_json
    loofah (2.19.1)
      crass (~> 1.0.2)
      nokogiri (>= 1.5.9)
    mail (2.8.0)
      mini_mime (>= 0.1.1)
      net-imap
      net-pop
      net-smtp
    mailjet (1.3.1)
      activesupport (>= 3.1.0)
      rack (>= 1.4.0)
      rest-client
    mastalk (0.10.0)
      htmlentities (~> 4.3.2, >= 4.3.2)
      kramdown (~> 1.13, >= 1.13)
    method_source (0.8.2)
    mime-types (2.99.3)
    mini_mime (1.1.2)
    mini_portile2 (2.8.2)
    minitest (5.17.0)
    multi_json (1.15.0)
    multi_test (1.1.0)
    multi_xml (0.6.0)
    multipart-post (2.0.0)
    mysql2 (0.5.4)
    nap (1.1.0)
    net-imap (0.3.4)
      date
      net-protocol
    net-pop (0.1.2)
      net-protocol
    net-protocol (0.2.1)
      timeout
    net-smtp (0.3.3)
      net-protocol
    netrc (0.11.0)
    newrelic_rpm (4.0.0.332)
    nio4r (2.5.8)
    no_proxy_fix (0.1.2)
    nokogiri (1.15.2)
      mini_portile2 (~> 2.8.2)
      racc (~> 1.4)
    nokogiri-styles (0.1.2)
      nokogiri
    oauth2 (1.0.0)
      faraday (>= 0.8, < 0.10)
      jwt (~> 1.0)
      multi_json (~> 1.3)
      multi_xml (~> 0.5)
      rack (~> 1.2)
    octokit (4.13.0)
      sawyer (~> 0.8.0, >= 0.5.3)
    open4 (1.3.4)
    orm_adapter (0.5.0)
    paper_trail (3.0.8)
      activerecord (>= 3.0, < 5.0)
      activesupport (>= 3.0, < 5.0)
    paperclip (4.2.4)
      activemodel (>= 3.2.0)
      activesupport (>= 3.2.0)
      cocaine (~> 0.5.5)
      mime-types
    paperclip-azure (0.2.14)
      addressable
      azure
      hashie
    parallel (1.22.1)
    parser (3.2.0.0)
      ast (~> 2.4.1)
    preamble (0.0.3)
      rspec
    premailer (1.8.2)
      css_parser (>= 1.3.5)
      htmlentities (>= 4.0.0)
    pry (0.10.1)
      coderay (~> 1.1.0)
      method_source (~> 0.8.1)
      slop (~> 3.4)
    pry-rails (0.3.2)
      pry (>= 0.9.10)
    public_suffix (3.1.1)
    puma (6.0.0)
      nio4r (~> 2.0)
    racc (1.7.1)
    rack (1.6.13.15)
    rack-test (0.6.3)
      rack (>= 1.0)
    rails (4.2.11.1)
      actionmailer (= 4.2.11.1)
      actionpack (= 4.2.11.1)
      actionview (= 4.2.11.1)
      activejob (= 4.2.11.1)
      activemodel (= 4.2.11.1)
      activerecord (= 4.2.11.1)
      activesupport (= 4.2.11.1)
      bundler (>= 1.3.0, < 2.0)
      railties (= 4.2.11.1)
      sprockets-rails
    rails-assets-font-awesome (4.2.0)
    rails-deprecated_sanitizer (1.0.4)
      activesupport (>= 4.2.0.alpha)
    rails-dom-testing (1.0.9)
      activesupport (>= 4.2.0, < 5.0)
      nokogiri (~> 1.6)
      rails-deprecated_sanitizer (>= 1.0.1)
    rails-html-sanitizer (1.4.4)
      loofah (~> 2.19, >= 2.19.1)
    rails-i18n (4.0.9)
      i18n (~> 0.7)
      railties (~> 4.0)
    rails_12factor (0.0.3)
      rails_serve_static_assets
      rails_stdout_logging
    rails_serve_static_assets (0.0.5)
    rails_stdout_logging (0.0.5)
    railties (4.2.11.1)
      actionpack (= 4.2.11.1)
      activesupport (= 4.2.11.1)
      rake (>= 0.8.7)
      thor (>= 0.18.1, < 2.0)
    rainbow (3.1.1)
    rake (13.0.6)
    remotipart (1.2.1)
    responders (2.0.0)
      railties (>= 4.2.0.alpha, < 5)
    rest-client (1.8.0)
      http-cookie (>= 1.0.2, < 2.0)
      mime-types (>= 1.16, < 3.0)
      netrc (~> 0.7)
    retriable (1.4.1)
    reverse_markdown (0.6.0)
      nokogiri
    rexml (3.2.5)
    rollbar (3.4.0)
    rspec (3.8.0)
      rspec-core (~> 3.8.0)
      rspec-expectations (~> 3.8.0)
      rspec-mocks (~> 3.8.0)
    rspec-core (3.8.0)
      rspec-support (~> 3.8.0)
    rspec-expectations (3.8.6)
      diff-lcs (>= 1.2.0, < 2.0)
      rspec-support (~> 3.8.0)
    rspec-mocks (3.8.0)
      diff-lcs (>= 1.2.0, < 2.0)
      rspec-support (~> 3.8.0)
    rspec-rails (3.8.0)
      actionpack (>= 3.0)
      activesupport (>= 3.0)
      railties (>= 3.0)
      rspec-core (~> 3.8.0)
      rspec-expectations (~> 3.8.0)
      rspec-mocks (~> 3.8.0)
      rspec-support (~> 3.8.0)
    rspec-support (3.8.3)
    rspec_junit_formatter (0.2.0)
      builder (< 4)
      rspec (>= 2, < 4)
      rspec-core (!= 2.12.0)
    rubocop (0.82.0)
      jaro_winkler (~> 1.5.1)
      parallel (~> 1.10)
      parser (>= 2.7.0.1)
      rainbow (>= 2.2.2, < 4.0)
      rexml
      ruby-progressbar (~> 1.7)
      unicode-display_width (>= 1.4.0, < 2.0)
    ruby-prof (0.16.2)
    ruby-progressbar (1.11.0)
    ruby_parser (3.11.0)
      sexp_processor (~> 4.9)
    rubyzip (2.3.2)
    sass (3.2.19)
    sass-rails (4.0.5)
      railties (>= 4.0.0, < 5.0)
      sass (~> 3.2.2)
      sprockets (~> 2.8, < 3.0)
      sprockets-rails (~> 2.0)
    sawyer (0.8.1)
      addressable (>= 2.3.5, < 2.6)
      faraday (~> 0.8, < 1.0)
    seedbank (0.4.0)
    selenium-webdriver (3.142.7)
      childprocess (>= 0.5, < 4.0)
      rubyzip (>= 1.2.2)
    sexp_processor (4.11.0)
    shoulda-matchers (3.0.0)
      activesupport (>= 4.0.0)
    signet (0.6.0)
      addressable (~> 2.3)
      extlib (~> 0.9)
      faraday (~> 0.9)
      jwt (~> 1.0)
      multi_json (~> 1.10)
    site_prism (2.7)
      addressable (>= 2.3.3, < 3.0)
      capybara (>= 2.1, < 3.0)
    slop (3.6.0)
    sprockets (2.12.5)
      hike (~> 1.2)
      multi_json (~> 1.0)
      rack (~> 1.0)
      tilt (~> 1.1, != 1.3.0)
    sprockets-rails (2.3.3)
      actionpack (>= 3.0)
      activesupport (>= 3.0)
      sprockets (>= 2.8, < 4.0)
    syslog-logger (1.6.8)
    systemu (2.6.5)
    temple (0.8.0)
    terminal-table (1.8.0)
      unicode-display_width (~> 1.1, >= 1.1.1)
    thor (0.20.3)
    thread_safe (0.3.6)
    tilt (1.4.1)
    timecop (0.9.1)
    timeout (0.3.1)
    tinymce-rails (4.8.4)
      railties (>= 3.1.1)
    transitions (1.2.1)
    tzinfo (1.2.10)
      thread_safe (~> 0.1)
    tzinfo-data (1.2018.9)
      tzinfo (>= 1.0.0)
    uglifier (2.5.3)
      execjs (>= 0.3.0)
      json (>= 1.8.0)
    unf (0.1.4)
      unf_ext
    unf_ext (0.0.7.2)
    unicode-display_width (1.8.0)
    uuidtools (2.1.5)
    valid_attribute (2.0.0)
    vcr (2.9.2)
    warden (1.2.7)
      rack (>= 1.0)
    web-console (2.3.0)
      activemodel (>= 4.0)
      binding_of_caller (>= 0.7.2)
      railties (>= 4.0)
      sprockets-rails (>= 2.0, < 4.0)
    webdrivers (4.4.1)
      nokogiri (~> 1.6)
      rubyzip (>= 1.3.0)
      selenium-webdriver (>= 3.0, < 4.0)
    webmock (2.3.2)
      addressable (>= 2.3.6)
      crack (>= 0.3.2)
      hashdiff
    whenever (0.10.0)
      chronic (>= 0.6.3)
    xmlrpc (0.3.0)
    xpath (3.2.0)
      nokogiri (~> 1.8)

PLATFORMS
  ruby

DEPENDENCIES
  active_model_serializers (~> 0.9.0)
  addressable (~> 2.5)
  algoliasearch
  apipie-rails (~> 0.5.6)
  aruba (~> 0.14.5)
  autoprefixer-rails (~> 5.0.0.1)
  azure (= 0.7.10)
  better_errors
  bigdecimal (~> 1.3.5)
  binding_of_caller
  bowndler (~> 1.0)
  brakeman
  bugsnag
  capybara
  clockwork
  coffee-rails (~> 4.0.0)
  comfortable_mexican_sofa (= 2.2.0)!
  cucumber-rails (~> 1.4.3)
  danger
  danger-rubocop
  database_cleaner
  devise (~> 4.6.0)
  dotenv-rails
  dough-ruby (~> 5.0)!
  factory_girl_rails (~> 4.0)
  faker
  feature
  google-api-client (= 0.7.1)
  httparty
  jbuilder (~> 2.0)
  jquery-rails
  jquery-ui-rails (~> 5.0)
  json (~> 2.6.3)
  launchy
  legato (= 0.4.0)
  mailjet
  mastalk (~> 0.10.0)
  mysql2
  newrelic_rpm
  nokogiri
  oauth2 (= 1.0.0)
  paper_trail
  paperclip-azure (~> 0.2)
  preamble (= 0.0.3)
  pry-rails
  puma
  rails (= 4.2.11.1)
  rails-assets-font-awesome (~> 4.2.0)!
  rails_12factor
  remotipart (~> 1.2)
  responders (~> 2.0)
  reverse_markdown
  rollbar
  rspec-rails (~> 3.8.0)
  rspec_junit_formatter
  rubocop (~> 0.82.0)
  ruby-prof
  sass-rails (~> 4.0.3)
  seedbank
  selenium-webdriver (= 3.142.7)
  shoulda-matchers
  site_prism
  syslog-logger
  terminal-table
  timecop
  tzinfo-data
  uglifier (>= 1.3.0)
  valid_attribute
  vcr
  web-console (~> 2.0)
  webdrivers (= 4.4.1)
  webmock (~> 2.3.1)
  whenever
  word-to-markdown!
  xmlrpc

RUBY VERSION
   ruby 2.7.7p221

BUNDLED WITH
   1.17.3
